GEM
  remote: https://rubygems.org/
  specs:
    babel-source (5.8.35)
    babel-transpiler (0.7.0)
      babel-source (>= 4.0, < 6)
      execjs (~> 2.0)
    coffee-script (2.4.1)
      coffee-script-source
      execjs
    coffee-script-source (1.12.2)
    daemons (1.4.1)
    diff-lcs (1.5.1)
    eventmachine (1.2.7)
    execjs (2.10.0)
    ffi (1.17.0-arm64-darwin)
    haml (5.2.2)
      temple (>= 0.8.0)
      tilt
    listen (3.9.0)
      rb-fsevent (~> 0.10, >= 0.10.3)
      rb-inotify (~> 0.9, >= 0.9.10)
    rack (2.2.10)
    rb-fsevent (0.11.2)
    rb-inotify (0.11.1)
      ffi (~> 1.0)
    rspec (3.13.0)
      rspec-core (~> 3.13.0)
      rspec-expectations (~> 3.13.0)
      rspec-mocks (~> 3.13.0)
    rspec-core (3.13.2)
      rspec-support (~> 3.13.0)
    rspec-expectations (3.13.3)
      diff-lcs (>= 1.2.0, < 2.0)
      rspec-support (~> 3.13.0)
    rspec-mocks (3.13.2)
      diff-lcs (>= 1.2.0, < 2.0)
      rspec-support (~> 3.13.0)
    rspec-support (3.13.1)
    sassc (2.4.0)
      ffi (~> 1.9)
    staticz (1.0.14)
      babel-transpiler (~> 0.7)
      coffee-script (~> 2.4)
      haml (~> 5.2)
      listen (~> 3.7)
      rack (= 2.2.10)
      rspec (~> 3.11)
      sassc (~> 2.4)
      thin (= 1.8.2)
      tty-option (~> 0.2)
      tty-spinner (= 0.9)
    temple (0.10.3)
    thin (1.8.2)
      daemons (~> 1.0, >= 1.0.9)
      eventmachine (~> 1.0, >= 1.0.4)
      rack (>= 1, < 3)
    tilt (2.4.0)
    tty-cursor (0.6.1)
    tty-option (0.3.0)
    tty-spinner (0.9.0)
      tty-cursor (~> 0.6.0)

PLATFORMS
  arm64-darwin

DEPENDENCIES
  staticz (= 1.0.14)

BUNDLED WITH
   2.5.18
